GEM
  remote: https://rubygems.org/
  specs:
    Haml (4.0.7)
      tilt
    rack (1.6.4)
    rack-protection (1.5.3)
      rack
    sinatra (1.4.7)
      rack (~> 1.5)
      rack-protection (~> 1.4)
      tilt (>= 1.3, < 3)
    sinatra-content-for (0.1)
      sinatra
    sinatra-partial (1.0.0)
      sinatra (~> 1.4)
    tilt (2.0.5)

PLATFORMS
  ruby

DEPENDENCIES
  Haml
  sinatra
  sinatra-content-for
  sinatra-partial

BUNDLED WITH
   1.12.5
